GEM
  remote: https://rubygems.org/
  specs:
    activesupport (7.0.4.1)
      concurrent-ruby (~> 1.0, >= 1.0.2)
      i18n (>= 1.6, < 2)
      minitest (>= 5.1)
      tzinfo (~> 2.0)
    aws-eventstream (1.1.1)
    aws-partitions (1.463.0)
    aws-sdk-core (3.114.0)
      aws-eventstream (~> 1, >= 1.0.2)
      aws-partitions (~> 1, >= 1.239.0)
      aws-sigv4 (~> 1.1)
      jmespath (~> 1.0)
    aws-sdk-kms (1.43.0)
      aws-sdk-core (~> 3, >= 3.112.0)
      aws-sigv4 (~> 1.1)
    aws-sigv4 (1.2.3)
      aws-eventstream (~> 1, >= 1.0.2)
    concurrent-ruby (1.1.10)
    i18n (1.12.0)
      concurrent-ruby (~> 1.0)
    jmespath (1.6.1)
    minitest (5.17.0)
    ox (2.14.4)
    thor (1.1.0)
    tzinfo (2.0.5)
      concurrent-ruby (~> 1.0)
    yaml_vault (1.3.1)
      activesupport (>= 4)
      thor

PLATFORMS
  ruby

DEPENDENCIES
  aws-sdk-kms
  ox
  yaml_vault (~> 1.3.1)

BUNDLED WITH
   2.2.15
